GEM
  remote: https://rubygems.org/
  specs:
    coderay (1.1.3)
    dotenv (3.1.4)
    method_source (1.1.0)
    pry (0.14.2)
      coderay (~> 1.1)
      method_source (~> 1.0)

PLATFORMS
  arm64-darwin-23

DEPENDENCIES
  dotenv
  pry

RUBY VERSION
   ruby 3.2.0p0

BUNDLED WITH
   2.4.1
